PATH
  remote: .
  specs:
    noty_flash (0.1.1)

GEM
  remote: https://rubygems.org/
  remote: https://rails-assets.org/
  specs:
    minitest (5.11.3)
    rails-assets-noty (3.1.4)
    rake (10.5.0)

PLATFORMS
  ruby

DEPENDENCIES
  bundler (~> 1.17)
  minitest (~> 5.0)
  noty_flash!
  rails-assets-noty!
  rake (~> 10.0)

BUNDLED WITH
   1.17.1
